PATH
  remote: .
  specs:
    sendxmpp (0.0.1)
      inifile (~> 2.0)
      thor (~> 0.19, >= 0.19.1)
      xmpp4r (~> 0.5)

GEM
  remote: https://rubygems.org/
  specs:
    inifile (2.0.2)
    rake (10.3.1)
    thor (0.19.1)
    xmpp4r (0.5.6)

PLATFORMS
  ruby

DEPENDENCIES
  rake (~> 10.1)
  sendxmpp!
