PATH
  remote: .
  specs:
    sendxmpp (0.0.1)
      inifile (~> 2.0)
      json (~> 1.8)
      net-scp (~> 1.1)
      net-ssh (~> 2.9)
      thor (~> 0.19, >= 0.19.1)

GEM
  remote: https://rubygems.org/
  specs:
    inifile (2.0.2)
    json (1.8.1)
    net-scp (1.2.1)
      net-ssh (>= 2.6.5)
    net-ssh (2.9.1)
    rake (10.3.1)
    thor (0.19.1)

PLATFORMS
  ruby

DEPENDENCIES
  rake (~> 10.1)
  sendxmpp!
